PATH
  remote: .
  specs:
    curb-fu (0.6.2)
      curb (>= 0.5.4.0)
      rack-test (>= 0.2.0)

GEM
  remote: http://rubygems.org/
  specs:
    curb (0.8.2)
    diff-lcs (1.1.3)
    htmlentities (4.3.1)
    rack (2.2.3)
    rack-test (0.6.2)
      rack (>= 1.0)
    rake (0.9.2.2)
    rspec (2.11.0)
      rspec-core (~> 2.11.0)
      rspec-expectations (~> 2.11.0)
      rspec-mocks (~> 2.11.0)
    rspec-core (2.11.1)
    rspec-expectations (2.11.3)
      diff-lcs (~> 1.1.3)
    rspec-mocks (2.11.3)

PLATFORMS
  ruby

DEPENDENCIES
  curb-fu!
  htmlentities
  rake
  rspec
